GEM
  remote: https://rubygems.org/
  specs:
    chunky_png (1.3.1)
    faker (1.4.2)
      i18n (~> 0.5)
    i18n (0.6.11)
    rack (1.5.2)
    rack-protection (1.5.3)
      rack
    ruby_identicon (0.0.3)
      chunky_png (~> 1.3.0)
    sinatra (1.4.5)
      rack (~> 1.4)
      rack-protection (~> 1.4)
      tilt (~> 1.3, >= 1.3.4)
    tilt (1.4.1)

PLATFORMS
  ruby

DEPENDENCIES
  faker
  ruby_identicon
  sinatra
